GEM
  remote: https://rubygems.org/
  specs:
    chronic (0.10.2)
    json (2.7.1)
    nokogiri (1.16.0-x86_64-linux)
      racc (~> 1.4)
    racc (1.7.3)

PLATFORMS
  x86_64-linux

DEPENDENCIES
  chronic
  json
  nokogiri

BUNDLED WITH
   2.4.22
